GEM
  remote: http://rubygems.org/
  specs:
    hashie (1.2.0)
    json (1.6.1)
    mime-types (1.16)
    oauth (0.4.5)
    rest-client (1.6.7)
      mime-types (>= 1.16)

PLATFORMS
  x86-mingw32

DEPENDENCIES
  hashie
  json
  oauth
  rest-client
